{
  "TaskName": "fingers",
  "TaskDescription": "Finger mapping task involving movements of left and right fingers, with additional feet and lips conditions.",
  "Instructions": "Participants performed or imagined the cued movement condition according to visual task prompts.",
  "Manufacturer": "Siemens",
  "ManufacturersModelName": "Prisma",
  "MagneticFieldStrength": 3,
  "ReceiveCoilName": "32-channel head coil",
  "PulseSequenceType": "Multiband gradient echo-planar T2*-weighted sequence",
  "RepetitionTime": 1.5,
  "EchoTime": 0.035,
  "FlipAngle": 70,
  "MultibandAccelerationFactor": 4,
  "AcquisitionMatrixPE": 106,
  "ReconMatrixPE": 106,
  "SliceThickness": 2,
  "SpacingBetweenSlices": 2,
  "NumberOfSlices": 72
}
